GEM
  remote: https://rubygems.org/
  specs:
    rack (2.2.14)

PLATFORMS
  ruby

DEPENDENCIES
  rack (>= 2.0.8)

BUNDLED WITH
   2.5.7
