GEM
  remote: https://rubygems.org/
  specs:
    rack (2.2.8.1)

PLATFORMS
  ruby

DEPENDENCIES
  rack (>= 2.2.14)

BUNDLED WITH
   2.5.7
